PATH
  remote: .
  specs:
    bravo (0.4.0)
      activesupport (>= 3.2)
      savon (~> 0.9)
      tzinfo (> 0)

GEM
  remote: https://rubygems.org/
  specs:
    activesupport (3.2.13)
      i18n (= 0.6.1)
      multi_json (~> 1.0)
    akami (1.2.0)
      gyoku (>= 0.4.0)
      nokogiri (>= 1.4.0)
    builder (3.2.0)
    diff-lcs (1.1.3)
    gyoku (1.0.0)
      builder (>= 2.1.2)
    httpi (1.1.1)
      rack
    i18n (0.6.1)
    multi_json (1.7.1)
    nokogiri (1.5.7)
    nori (1.1.5)
    rack (1.5.2)
    rake (10.0.3)
    rspec (2.12.0)
      rspec-core (~> 2.12.0)
      rspec-expectations (~> 2.12.0)
      rspec-mocks (~> 2.12.0)
    rspec-core (2.12.2)
    rspec-expectations (2.12.1)
      diff-lcs (~> 1.1.3)
    rspec-mocks (2.12.2)
    savon (0.9.14)
      akami (~> 1.1)
      builder (>= 2.1.2)
      gyoku (>= 0.4.0)
      httpi (~> 1.0)
      nokogiri (>= 1.4.0)
      nori (~> 1.1)
      wasabi (~> 2.2)
    tzinfo (0.3.37)
    wasabi (2.5.1)
      httpi (~> 1.0)
      nokogiri (>= 1.4.0)

PLATFORMS
  ruby

DEPENDENCIES
  bravo!
  rake (~> 10.0.3)
  rspec (~> 2.12.0)
