GEM
  remote: http://rubygems.org/
  specs:
    active_support (3.0.0)
      activesupport (= 3.0.0)
    activesupport (3.0.0)
    archive-tar-minitar (0.5.2)
    builder (3.0.0)
    columnize (0.3.2)
    crack (0.1.8)
    curb (0.7.15)
    diff-lcs (1.1.2)
    git (1.2.5)
    gyoku (0.3.1)
      builder (>= 2.1.2)
    httpi (0.7.9)
      rack
    jeweler (1.6.3)
      bundler (~> 1.0)
      git (>= 1.2.5)
      rake
    linecache (0.43)
    linecache19 (0.5.11)
      ruby_core_source (>= 0.1.4)
    rack (1.2.2)
    rake (0.9.2.2)
    rcov (0.9.9)
    rspec (2.4.0)
      rspec-core (~> 2.4.0)
      rspec-expectations (~> 2.4.0)
      rspec-mocks (~> 2.4.0)
    rspec-core (2.4.0)
    rspec-expectations (2.4.0)
      diff-lcs (~> 1.1.2)
    rspec-mocks (2.4.0)
    ruby-debug (0.10.4)
      columnize (>= 0.1)
      ruby-debug-base (~> 0.10.4.0)
    ruby-debug-base (0.10.4)
      linecache (>= 0.3)
    ruby-debug-base19 (0.11.24)
      columnize (>= 0.3.1)
      linecache19 (>= 0.5.11)
      ruby_core_source (>= 0.1.4)
    ruby-debug19 (0.11.6)
      columnize (>= 0.3.1)
      linecache19 (>= 0.5.11)
      ruby-debug-base19 (>= 0.11.19)
    ruby_core_source (0.1.4)
      archive-tar-minitar (>= 0.5.2)
    savon (0.8.6)
      builder (>= 2.1.2)
      crack (~> 0.1.8)
      gyoku (>= 0.3.0)
      httpi (>= 0.7.8)
    tzinfo (0.3.28)

PLATFORMS
  ruby

DEPENDENCIES
  active_support (>= 3.0.0)
  bundler (>= 1.0.0)
  curb
  httpi (= 0.7.9)
  jeweler (~> 1.6.3)
  rcov
  rspec (~> 2.4.0)
  ruby-debug
  ruby-debug-base19 (= 0.11.24)
  ruby-debug19 (= 0.11.6)
  savon
  tzinfo
